GEM
  remote: https://rubygems.org/
  specs:
    iconv (1.0.4)
    json (1.8.3)
    r3status (0.1.3)
      iconv (~> 1.0)
      json (~> 1.8)
      vmstat (~> 2.1)
    vmstat (2.1.0)

PLATFORMS
  ruby

DEPENDENCIES
  r3status
